STORAGE: NONE
RESTRICTION: || (== netcoreapp3.1) (== netstandard2.0) (== netstandard2.1)
NUGET
  remote: https://api.nuget.org/v3/index.json
    FSharp.Core (4.7.2) - redirects: on
    FSharp.Data (3.3.3)
      FSharp.Core (>= 4.3.4)
    Milekic.YoLo (2.0.0-dev.56)
      FSharp.Core (>= 4.3.4)
